GEM
  remote: https://rubygems.org/
  specs:
    activesupport (4.1.5)
      i18n (~> 0.6, >= 0.6.9)
      json (~> 1.7, >= 1.7.7)
      minitest (~> 5.1)
      thread_safe (~> 0.1)
      tzinfo (~> 1.1)
    i18n (0.6.11)
    json (1.8.1)
    minitest (5.4.1)
    rails_apps_composer (3.0.13)
      activesupport (~> 4.0)
      i18n (~> 0.6)
      rake (~> 10.1)
      thor (~> 0.18)
    rake (10.3.2)
    thor (0.19.1)
    thread_safe (0.3.4)
    tzinfo (1.2.2)
      thread_safe (~> 0.1)

PLATFORMS
  ruby

DEPENDENCIES
  rails_apps_composer
